GEM
  remote: https://rubygems.org/
  specs:
    concurrent-ruby (1.1.6)
    et-orbi (1.2.4)
      tzinfo
    faraday (2.7.4)
      faraday-net_http (>= 2.0, < 3.1)
      ruby2_keywords (>= 0.0.4)
    faraday-net_http (3.0.2)
    fugit (1.3.6)
      et-orbi (~> 1.1, >= 1.1.8)
      raabro (~> 1.3)
    raabro (1.3.1)
    ruby2_keywords (0.0.5)
    rufus-scheduler (3.6.0)
      fugit (~> 1.1, >= 1.1.6)
    sentry-raven (3.0.0)
      faraday (>= 1.0)
    tzinfo (2.0.2)
      concurrent-ruby (~> 1.0)

PLATFORMS
  ruby

DEPENDENCIES
  rufus-scheduler
  sentry-raven

BUNDLED WITH
   2.1.4
